PATH
  remote: .
  specs:
    tong_rlit (0.1.0)

GEM
  remote: https://rubygems.org/
  specs:
    rake (10.5.0)

PLATFORMS
  ruby

DEPENDENCIES
  bundler (~> 1.16)
  rake (~> 10.0)
  tong_rlit!

BUNDLED WITH
   1.16.1
